GEM
  remote: http://rubygems.org/
  specs:
    rake (12.3.3)

PLATFORMS
  ruby
  x64-mingw32

DEPENDENCIES
  rake

BUNDLED WITH
   1.12.5
